ObjectType = Image
NDims = 3
BinaryData = True
BinaryDataByteOrderMSB = False
CompressedData = False
TransformMatrix = 0 1 0 0 0 -1 -1 0 0
Offset = 86.6449 -133.929 116.786
CenterOfRotation = 0 0 0
AnatomicalOrientation = ASL
ElementSpacing = 1 1 1.3
DimSize = 256 256 130
ElementType = MET_SHORT
ElementDataFile = MR-head.raw
